GEM
  remote: http://rubygems.org/
  specs:
    abstract (1.0.0)
    actionpack (3.0.1)
      activemodel (= 3.0.1)
      activesupport (= 3.0.1)
      builder (~> 2.1.2)
      erubis (~> 2.6.6)
      i18n (~> 0.4.1)
      rack (~> 1.2.1)
      rack-mount (~> 0.6.12)
      rack-test (~> 0.5.4)
      tzinfo (~> 0.3.23)
    activemodel (3.0.1)
      activesupport (= 3.0.1)
      builder (~> 2.1.2)
      i18n (~> 0.4.1)
    activesupport (3.0.1)
    builder (2.1.2)
    columnize (0.3.1)
    compass (0.10.6)
      haml (>= 3.0.4)
    erubis (2.6.6)
      abstract (>= 1.0.0)
    haml (3.0.23)
    i18n (0.4.2)
    json (1.4.6)
    linecache (0.43)
    rack (1.2.1)
    rack-debug (1.4.2)
      rack (>= 1.0)
      ruby-debug (>= 0.10)
    rack-mount (0.6.13)
      rack (>= 1.0.0)
    rack-test (0.5.6)
      rack (>= 1.0)
    ruby-debug (0.10.3)
      columnize (>= 0.1)
      ruby-debug-base (~> 0.10.3.0)
    ruby-debug-base (0.10.3)
      linecache (>= 0.3)
    tzinfo (0.3.23)

PLATFORMS
  ruby

DEPENDENCIES
  actionpack
  compass
  haml
  json
  rack
  rack-debug
